GEM
  remote: https://rubygems.org/
  specs:
    ruby-kafka (0.3.9)

PLATFORMS
  ruby

DEPENDENCIES
  ruby-kafka (~> 0.3.9)

BUNDLED WITH
   1.12.5
